GEM
  remote: https://rubygems.org/
  specs:
    addressable (2.5.0)
      public_suffix (~> 2.0, >= 2.0.2)
    api-ai-ruby (1.2.3)
      http (~> 0.9.4)
    builder (3.2.2)
    domain_name (0.5.20161129)
      unf (>= 0.0.5, < 1.0.0)
    emoji (1.0.7)
      json
    http (0.9.9)
      addressable (~> 2.3)
      http-cookie (~> 1.0)
      http-form_data (~> 1.0.1)
      http_parser.rb (~> 0.6.0)
    http-cookie (1.0.3)
      domain_name (~> 0.5)
    http-form_data (1.0.1)
    http_parser.rb (0.6.0)
    json (2.0.2)
    jwt (1.5.6)
    multi_json (1.12.1)
    public_suffix (2.0.4)
    rack (1.6.5)
    rack-protection (1.5.3)
      rack
    shotgun (0.9.2)
      rack (>= 1.0)
    sinatra (1.4.7)
      rack (~> 1.5)
      rack-protection (~> 1.4)
      tilt (>= 1.3, < 3)
    tilt (2.0.5)
    twilio-ruby (4.13.0)
      builder (>= 2.1.2)
      jwt (~> 1.0)
      multi_json (>= 1.3.0)
    unf (0.1.4)
      unf_ext
    unf_ext (0.0.7.2)

PLATFORMS
  ruby

DEPENDENCIES
  api-ai-ruby
  emoji
  shotgun
  sinatra
  twilio-ruby

RUBY VERSION
   ruby 2.2.3p173

BUNDLED WITH
   1.13.6
