GEM
  remote: https://rubygems.org/
  specs:
    builder (3.2.2)
    emoji (1.0.5)
      json
    faraday (0.9.2)
      multipart-post (>= 1.2, < 3)
    http_router (0.11.2)
      rack (>= 1.0.0)
      url_mount (~> 0.2.1)
    i18n (0.7.0)
    ice_nine (0.11.2)
    json (1.8.3)
    jwt (1.5.3)
    lita (4.7.0)
      bundler (>= 1.3)
      faraday (>= 0.8.7)
      http_router (>= 0.11.2)
      i18n (>= 0.6.9)
      ice_nine (>= 0.11.0)
      multi_json (>= 1.7.7)
      puma (>= 2.7.1)
      rack (>= 1.5.2)
      rb-readline (>= 0.5.1)
      redis-namespace (>= 1.3.0)
      thor (>= 0.18.1)
    multi_json (1.12.1)
    multipart-post (2.0.0)
    nexmo (3.1.0)
    puma (3.4.0)
    rack (1.6.4)
    rack-protection (1.5.3)
      rack
    rb-readline (0.5.3)
    redis (3.3.0)
    redis-namespace (1.5.2)
      redis (~> 3.0, >= 3.0.4)
    shotgun (0.9.1)
      rack (>= 1.0)
    sinatra (1.4.7)
      rack (~> 1.5)
      rack-protection (~> 1.4)
      tilt (>= 1.3, < 3)
    thor (0.19.1)
    tilt (2.0.2)
    twilio-ruby (4.11.1)
      builder (>= 2.1.2)
      jwt (~> 1.0)
      multi_json (>= 1.3.0)
    url_mount (0.2.1)
      rack

PLATFORMS
  ruby

DEPENDENCIES
  emoji
  lita
  nexmo
  shotgun
  sinatra
  twilio-ruby

BUNDLED WITH
   1.11.2
